GEM
  remote: https://rubygems.org/
  specs:
    mimemagic (0.3.2)
    sequel (4.48.0)
    sqlite3 (1.3.13)

PLATFORMS
  ruby

DEPENDENCIES
  mimemagic
  sequel
  sqlite3

BUNDLED WITH
   1.16.1
